GEM
  remote: https://rubygems.org/
  specs:
    cuba (3.3.0)
      rack
    pg (0.17.1)
    rack (1.5.2)

PLATFORMS
  ruby

DEPENDENCIES
  cuba
  pg
