GEM
  remote: https://rubygems.org/
  specs:
    cuba (3.3.0)
      rack
    pg (0.17.1)
    rack (1.5.2)
    shotgun (0.9)
      rack (>= 1.0)
    tilt (2.0.1)

PLATFORMS
  ruby

DEPENDENCIES
  cuba
  pg
  shotgun
  tilt
